{
  "AcquisitionMatrixPE": 220,
  "AcquisitionNumber": 1,
  "AcquisitionTime": "09:28:42.765000",
  "BaseResolution": 256,
  "BodyPartExamined": "BRAIN",
  "ConsistencyInfo": "N4_VE11C_LATEST_20160120",
  "ConversionSoftware": "dcm2niix",
  "ConversionSoftwareVersion": "v1.0.20190410  (JP2:OpenJPEG) GCC6.3.0",
  "DeviceSerialNumber": "66112",
  "DwellTime": 1.05e-05,
  "EchoTime": 0.00342,
  "FlipAngle": 18,
  "ImageOrientationPatientDICOM": [1, 4.897e-12, 0, -4.897e-12, 1, 0],
  "ImageType": [
    "ORIGINAL",
    "PRIMARY",
    "MIP",
    "TRA",
    "ND",
    "NORM"
],
  "ImagingFrequency": 123.253,
  "InPlanePhaseEncodingDirectionDICOM": "ROW",
  "InstitutionAddress": "Maynard_3_Hanover_NH_US_03755",
  "InstitutionName": "Dartmouth_College_-_PBS",
  "InstitutionalDepartmentName": "Department",
  "Interpolation2D": 1,
  "MRAcquisitionType": "3D",
  "MagneticFieldStrength": 3,
  "Manufacturer": "Siemens",
  "ManufacturersModelName": "Prisma",
  "Modality": "MR",
  "PartialFourier": 1,
  "PatientPosition": "HFS",
  "PercentPhaseFOV": 90.625,
  "PhaseEncodingSteps": 215,
  "PhaseResolution": 0.95,
  "PixelBandwidth": 185,
  "ProcedureStepDescription": "Halchenko_Yarik_950_bids_test4",
  "ProtocolName": "anat-angio_acq-fl3d",
  "PulseSequenceDetails": "%SiemensSeq%_fl_tof",
  "ReceiveCoilActiveElements": "HEA;HEP",
  "ReceiveCoilName": "Head_32",
  "ReconMatrixPE": 464,
  "RefLinesPE": 32,
  "RepetitionTime": 0.021,
  "SAR": 0.168955,
  "ScanOptions": "SAT1",
  "ScanningSequence": "GR",
  "SequenceName": "_fl3d1r_t70",
  "SequenceVariant": "SP_OSP",
  "SeriesDescription": "anat-angio_acq-fl3d_MIP_TRA",
  "SeriesNumber": 19,
  "ShimSetting": [4153, -7690, -7492, 214, -60, -87, -47, 60],
  "SliceThickness": 20,
  "SoftwareVersions": "syngo_MR_E11",
  "StationName": "AWP66112",
  "TxRefAmp": 224.661,
  "dcmmeta_affine": [
    [-0.390625, -1.9128906358217845e-12, 0.0, 90.625],
    [-1.9128906358217845e-12, 0.390625, 0.0, -114.609375],
    [0.0, 0.0, 20.0, 0.0],
    [0.0, 0.0, 0.0, 1.0]
],
  "dcmmeta_reorient_transform": [
    [0.0, -1.0, 0.0, 511.0],
    [1.0, 0.0, 0.0, 0.0],
    [0.0, 0.0, -1.0, 0.0],
    [0.0, 0.0, 0.0, 1.0]
],
  "dcmmeta_shape": [464, 512, 1],
  "dcmmeta_slice_dim": 2,
  "dcmmeta_version": 0.6,
  "global": {
    "const": {
      "AccessionNumber": "phantom-1",
      "AcquisitionMatrix": [0, 256, 220, 0],
      "AcquisitionNumber": 1,
      "AcquisitionTime": "092842.765000",
      "AngioFlag": "Y",
      "BitsAllocated": 16,
      "BitsStored": 12,
      "BodyPartExamined": "BRAIN",
      "Columns": 464,
      "ContentTime": "092908.132000",
      "EchoNumbers": 1,
      "EchoTime": 3.42,
      "EchoTrainLength": 1,
      "FlipAngle": 18.0,
      "HighBit": 11,
      "ImageOrientationPatient": [1.0, 4.897e-12, 0.0, -4.897e-12, 1.0, 0.0],
      "ImagePositionPatient": [-90.62499999951, -85.000000000444, 0.0],
      "ImageType": [
        "ORIGINAL",
        "PRIMARY",
        "MIP_TRA",
        "ND",
        "NORM"
],
      "ImagedNucleus": "1H",
      "ImagingFrequency": 123.252622,
      "InPlanePhaseEncodingDirection": "ROW",
      "InstanceCreationTime": "092908.132000",
      "InstanceNumber": 1,
      "LargestImagePixelValue": 593,
      "MRAcquisitionType": "3D",
      "MagneticFieldStrength": 3.0,
      "Manufacturer": "SIEMENS",
      "ManufacturerModelName": "Prisma",
      "Modality": "MR",
      "NumberOfAverages": 1.0,
      "NumberOfPhaseEncodingSteps": 215,
      "PercentPhaseFieldOfView": 90.625,
      "PercentSampling": 95.0,
      "PerformedProcedureStepStartTime": "092234.379000",
      "PhotometricInterpretation": "MONOCHROME2",
      "PixelBandwidth": 185.0,
      "PixelRepresentation": 0,
      "PixelSpacing": [0.390625, 0.390625],
      "ProtocolName": "anat-angio_acq-fl3d",
      "RepetitionTime": 21.0,
      "Rows": 512,
      "SAR": 0.16895480354516,
      "SamplesPerPixel": 1,
      "ScanOptions": "SAT1",
      "ScanningSequence": "GR",
      "SequenceName": "*fl3d1r_t70",
      "SequenceVariant": [
        "SP",
        "OSP"
],
      "SeriesDescription": "anat-angio_acq-fl3d_MIP_TRA",
      "SeriesNumber": 19,
      "SeriesTime": "092908.130000",
      "SliceLocation": 0.0,
      "SliceThickness": 20.0,
      "SmallestImagePixelValue": 0,
      "SoftwareVersions": "syngo MR E11",
      "SpecificCharacterSet": "ISO_IR 100",
      "StudyID": "1",
      "StudyTime": "092234.190000",
      "TransmitCoilName": "Body",
      "VariableFlipAngleFlag": "N",
      "WindowCenter": 400.0,
      "WindowCenterWidthExplanation": "Algo1",
      "WindowWidth": 712.0,
      "dBdt": 0.0},
    "slices": {}
  }
}