{
  "AcquisitionMatrixPE": 64,
  "AcquisitionNumber": 1,
  "AcquisitionTime": "09:25:35.585000",
  "BaseResolution": 64,
  "BodyPartExamined": "BRAIN",
  "ConsistencyInfo": "N4_VE11C_LATEST_20160120",
  "ConversionSoftware": "dcm2niix",
  "ConversionSoftwareVersion": "v1.0.20190410  (JP2:OpenJPEG) GCC6.3.0",
  "DeviceSerialNumber": "66112",
  "DwellTime": 3.92e-05,
  "EchoTime": 0.00229,
  "FlipAngle": 4,
  "ImageOrientationPatientDICOM": [-0.161623, 0.940513, 0.298853, -0.0382219, 0.296641, -0.954224],
  "ImageType": [
    "ORIGINAL",
    "PRIMARY",
    "M",
    "ND",
    "NORM",
    "FM",
    "FIL"
],
  "ImagingFrequency": 123.253,
  "InPlanePhaseEncodingDirectionDICOM": "ROW",
  "InstitutionAddress": "Maynard_3_Hanover_NH_US_03755",
  "InstitutionName": "Dartmouth_College_-_PBS",
  "InstitutionalDepartmentName": "Department",
  "InversionTime": 0.933,
  "MRAcquisitionType": "3D",
  "MagneticFieldStrength": 3,
  "Manufacturer": "Siemens",
  "ManufacturersModelName": "Prisma",
  "Modality": "MR",
  "PartialFourier": 1,
  "PatientPosition": "HFS",
  "PercentPhaseFOV": 100,
  "PhaseEncodingSteps": 57,
  "PhaseResolution": 1,
  "PixelBandwidth": 200,
  "ProcedureStepDescription": "Halchenko_Yarik_950_bids_test4",
  "ProtocolName": "anat-T1w",
  "PulseSequenceDetails": "%SiemensSeq%_tfl",
  "ReceiveCoilActiveElements": "HEA;HEP",
  "ReceiveCoilName": "Head_32",
  "ReconMatrixPE": 64,
  "RefLinesPE": 32,
  "RepetitionTime": 0.964,
  "SAR": 0.0393055,
  "ScanOptions": "IR",
  "ScanningSequence": "GR_IR",
  "SequenceName": "_tfl3d1_16ns",
  "SequenceVariant": "SK_SP_MP",
  "SeriesDescription": "anat-T1w",
  "SeriesNumber": 5,
  "ShimSetting": [4153, -7690, -7492, 214, -60, -87, -47, 60],
  "SliceThickness": 0.9,
  "SoftwareVersions": "syngo_MR_E11",
  "StationName": "AWP66112",
  "TxRefAmp": 224.661,
  "dcmmeta_affine": [
    [0.8875008821487427, -0.6060864329338074, -0.14333215355873108, 26.516542434692383],
    [0.14908255636692047, 3.5269243717193604, 1.1124041080474854, -128.48927307128906],
    [-0.010796246118843555, -1.1206977367401123, 3.5783393383026123, -100.6733169555664],
    [0.0, 0.0, 0.0, 1.0]
],
  "dcmmeta_reorient_transform": [
    [0.0, 0.0, -1.0, 63.0],
    [0.0, -1.0, 0.0, 63.0],
    [-1.0, 0.0, 0.0, 7.0],
    [0.0, 0.0, 0.0, 1.0]
],
  "dcmmeta_shape": [8, 64, 64],
  "dcmmeta_slice_dim": 0,
  "dcmmeta_version": 0.6,
  "global": {
    "const": {
      "AccessionNumber": "phantom-1",
      "AcquisitionMatrix": [0, 64, 64, 0],
      "AcquisitionNumber": 1,
      "AcquisitionTime": "092535.585000",
      "AngioFlag": "N",
      "BitsAllocated": 16,
      "BitsStored": 12,
      "BodyPartExamined": "BRAIN",
      "Columns": 64,
      "EchoNumbers": 1,
      "EchoTime": 2.29,
      "EchoTrainLength": 1,
      "FlipAngle": 4.0,
      "HighBit": 11,
      "ImageOrientationPatient": [-0.1616230433635, 0.94051317908682, 0.29885272596705, -0.038221906288, 0.29664109227088, -0.9542238459901],
      "ImageType": [
        "ORIGINAL",
        "PRIMARY",
        "M",
        "ND",
        "NORM",
        "FM",
        "FIL"
],
      "ImagedNucleus": "1H",
      "ImagingFrequency": 123.252622,
      "InPlanePhaseEncodingDirection": "ROW",
      "InversionTime": 933.0,
      "LargestImagePixelValue": 4095,
      "MRAcquisitionType": "3D",
      "MagneticFieldStrength": 3.0,
      "Manufacturer": "SIEMENS",
      "ManufacturerModelName": "Prisma",
      "Modality": "MR",
      "NumberOfAverages": 1.0,
      "NumberOfPhaseEncodingSteps": 57,
      "PercentPhaseFieldOfView": 100.0,
      "PercentSampling": 100.0,
      "PerformedProcedureStepStartTime": "092234.379000",
      "PhotometricInterpretation": "MONOCHROME2",
      "PixelBandwidth": 200.0,
      "PixelRepresentation": 0,
      "PixelSpacing": [3.75, 3.75],
      "ProtocolName": "anat-T1w",
      "RepetitionTime": 964.0,
      "Rows": 64,
      "SAR": 0.03930548303051,
      "SamplesPerPixel": 1,
      "ScanOptions": "IR",
      "ScanningSequence": [
        "GR",
        "IR"
],
      "SequenceName": "*tfl3d1_16ns",
      "SequenceVariant": [
        "SK",
        "SP",
        "MP"
],
      "SeriesDescription": "anat-T1w",
      "SeriesNumber": 5,
      "SeriesTime": "092611.153000",
      "SliceThickness": 0.89999997615814,
      "SmallestImagePixelValue": 0,
      "SoftwareVersions": "syngo MR E11",
      "SpecificCharacterSet": "ISO_IR 100",
      "StudyID": "1",
      "StudyTime": "092234.190000",
      "TransmitCoilName": "Body",
      "VariableFlipAngleFlag": "N",
      "WindowCenter": 4095.0,
      "WindowCenterWidthExplanation": "Algo1",
      "WindowWidth": 4095.0,
      "dBdt": 0.0},
    "slices": {
      "ContentTime": ["092611.180000", "092611.174000", "092611.172000", "092611.170000", "092611.168000", "092611.166000", "092611.164000", "092611.160000"],
      "CsaImage.Actual3DImaPartNumber": [7, 6, 5, 4, 3, 2, 1, 0],
      "CsaImage.ICE_Dims": [
        "X_1_1_1_1_1_8_1_1_1_1_1_14",
        "X_1_1_1_1_1_7_1_1_1_1_1_14",
        "X_1_1_1_1_1_6_1_1_1_1_1_14",
        "X_1_1_1_1_1_5_1_1_1_1_1_14",
        "X_1_1_1_1_1_4_1_1_1_1_1_14",
        "X_1_1_1_1_1_3_1_1_1_1_1_14",
        "X_1_1_1_1_1_2_1_1_1_1_1_14",
        "X_1_1_1_1_1_1_1_1_1_1_1_14"
],
      "CsaImage.SlicePosition_PCS": [
        [20.69682745, -163.78843109, 54.1581132],
        [19.80932658, -163.93751364, 54.14731695],
        [18.92182571, -164.0865962, 54.1365207],
        [18.03432484, -164.23567875, 54.12572446],
        [17.14682397, -164.3847613, 54.11492821],
        [16.25932311, -164.53384385, 54.10413196],
        [15.37182224, -164.6829264, 54.09333572],
        [14.48432137, -164.83200895, 54.08253947]
],
      "ImagePositionPatient": [
        [20.696827447665, -163.78843109403, 54.158113195919],
        [19.809326579366, -163.93751364471, 54.147316949632],
        [18.921825711066, -164.0865961954, 54.136520703344],
        [18.034324842766, -164.23567874608, 54.125724457057],
        [17.146823974467, -164.38476129676, 54.11492821077],
        [16.259323106167, -164.53384384744, 54.104131964483],
        [15.371822237867, -164.68292639813, 54.093335718195],
        [14.484321369568, -164.83200894881, 54.082539471908]
],
      "InstanceCreationTime": ["092611.180000", "092611.174000", "092611.172000", "092611.170000", "092611.168000", "092611.166000", "092611.164000", "092611.160000"],
      "InstanceNumber": [8, 7, 6, 5, 4, 3, 2, 1],
      "SliceLocation": [-6.0720450725071, -6.9720450486652, -7.8720450248234, -8.7720450009815, -9.6720449771396, -10.572044953298, -11.472044929456, -12.372044905614]
    }
  }
}