{
  "AcquisitionMatrixPE": 64,
  "AcquisitionNumber": 1,
  "BandwidthPerPixelPhaseEncode": 60.096,
  "BaseResolution": 64,
  "BodyPartExamined": "BRAIN",
  "CogAtlasID": "TODO",
  "ConsistencyInfo": "N4_VE11C_LATEST_20160120",
  "ConversionSoftware": "dcm2niix",
  "ConversionSoftwareVersion": "v1.0.20190410  (JP2:OpenJPEG) GCC6.3.0",
  "DelayTime": 0.1,
  "DerivedVendorReportedEchoSpacing": 0.000520001,
  "DeviceSerialNumber": "66112",
  "DwellTime": 3.4e-06,
  "EchoTime": 0.035,
  "EchoTrainLength": 31,
  "EffectiveEchoSpacing": 0.000260001,
  "FlipAngle": 90,
  "ImageOrientationPatientDICOM": [0.986111, 0.165656, 0.0119974, -0.165195, 0.970749, 0.174233],
  "ImagingFrequency": 123.253,
  "InPlanePhaseEncodingDirectionDICOM": "COL",
  "InstitutionAddress": "Maynard_3_Hanover_NH_US_03755",
  "InstitutionName": "Dartmouth_College_-_PBS",
  "InstitutionalDepartmentName": "Department",
  "MRAcquisitionType": "2D",
  "MagneticFieldStrength": 3,
  "Manufacturer": "Siemens",
  "ManufacturersModelName": "Prisma",
  "Modality": "MR",
  "ParallelReductionFactorInPlane": 2,
  "PartialFourier": 1,
  "PatientPosition": "HFS",
  "PercentPhaseFOV": 100,
  "PhaseEncodingDirection": "j-",
  "PhaseEncodingSteps": 63,
  "PhaseResolution": 1,
  "PixelBandwidth": 2300,
  "ProcedureStepDescription": "Halchenko_Yarik_950_bids_test4",
  "ProtocolName": "func_run+_task-audio_acq-moco-p2-3mm",
  "PulseSequenceDetails": "%SiemensSeq%_ep2d_bold",
  "ReceiveCoilActiveElements": "HEA;HEP",
  "ReceiveCoilName": "Head_32",
  "ReconMatrixPE": 64,
  "RefLinesPE": 24,
  "RepetitionTime": 2.5,
  "SAR": 0.00126577,
  "ScanOptions": "FS",
  "ScanningSequence": "EP",
  "SequenceName": "_epfid2d1_64",
  "SequenceVariant": "SK",
  "ShimSetting": [4152, -7684, -7519, 250, -23, -260, -37, 39],
  "SliceThickness": 3.5,
  "SoftwareVersions": "syngo_MR_E11",
  "StationName": "AWP66112",
  "TaskName": "TODO: full task name for audio",
  "TotalReadoutTime": 0.01638,
  "TxRefAmp": 224.661,
  "dcmmeta_affine": [
    [-3.6979148387908936, -0.6194819211959839, -0.06025729328393936, 147.12310791015625],
    [-0.6212100386619568, 3.640308141708374, 0.6082838177680969, -87.0531005859375],
    [0.04499020054936409, -0.653375506401062, 3.44620943069458, 27.563526153564453],
    [0.0, 0.0, 0.0, 1.0]
],
  "dcmmeta_reorient_transform": [
    [0.0, -1.0, 0.0, 63.0],
    [1.0, 0.0, 0.0, 0.0],
    [0.0, 0.0, -1.0, 0.0],
    [0.0, 0.0, 0.0, 1.0]
],
  "dcmmeta_shape": [64, 64, 1, 2],
  "dcmmeta_slice_dim": 2,
  "dcmmeta_version": 0.6}