{
  "AcquisitionMatrixPE": 64,
  "AcquisitionNumber": 1,
  "AcquisitionTime": "09:27:5.005000",
  "BandwidthPerPixelPhaseEncode": 60.096,
  "BaseResolution": 64,
  "BodyPartExamined": "BRAIN",
  "ConsistencyInfo": "N4_VE11C_LATEST_20160120",
  "ConversionSoftware": "dcm2niix",
  "ConversionSoftwareVersion": "v1.0.20190410  (JP2:OpenJPEG) GCC6.3.0",
  "DelayTime": 0.1,
  "DerivedVendorReportedEchoSpacing": 0.000520001,
  "DeviceSerialNumber": "66112",
  "DwellTime": 3.4e-06,
  "EchoTime": 0.035,
  "EchoTrainLength": 31,
  "EffectiveEchoSpacing": 0.000260001,
  "FlipAngle": 90,
  "ImageComments": "Reference_volume_for_motion_correction.",
  "ImageOrientationPatientDICOM": [0.986111, 0.165656, 0.0119974, -0.165195, 0.970749, 0.174233],
  "ImageType": [
    "ORIGINAL",
    "PRIMARY",
    "M",
    "ND",
    "NORM",
    "MOCO"
],
  "ImagingFrequency": 123.253,
  "InPlanePhaseEncodingDirectionDICOM": "COL",
  "InstitutionAddress": "Maynard_3_Hanover_NH_US_03755",
  "InstitutionName": "Dartmouth_College_-_PBS",
  "InstitutionalDepartmentName": "Department",
  "MRAcquisitionType": "2D",
  "MagneticFieldStrength": 3,
  "Manufacturer": "Siemens",
  "ManufacturersModelName": "Prisma",
  "Modality": "MR",
  "ParallelReductionFactorInPlane": 2,
  "PartialFourier": 1,
  "PatientPosition": "HFS",
  "PercentPhaseFOV": 100,
  "PhaseEncodingDirection": "j-",
  "PhaseEncodingSteps": 63,
  "PhaseResolution": 1,
  "PixelBandwidth": 2300,
  "ProcedureStepDescription": "Halchenko_Yarik_950_bids_test4",
  "ProtocolName": "func_run+_task-audio_acq-moco-p2-3mm",
  "PulseSequenceDetails": "%SiemensSeq%_ep2d_bold",
  "ReceiveCoilActiveElements": "HEA;HEP",
  "ReceiveCoilName": "Head_32",
  "ReconMatrixPE": 64,
  "RefLinesPE": 24,
  "RepetitionTime": 2.5,
  "SAR": 0.00126577,
  "ScanOptions": "FS",
  "ScanningSequence": "EP",
  "SequenceName": "_epfid2d1_64",
  "SequenceVariant": "SK",
  "SeriesDescription": "MoCoSeries",
  "SeriesNumber": 10,
  "ShimSetting": [4152, -7684, -7519, 250, -23, -260, -37, 39],
  "SliceThickness": 3.5,
  "SoftwareVersions": "syngo_MR_E11",
  "StationName": "AWP66112",
  "TaskName": "audio",
  "TotalReadoutTime": 0.01638,
  "TxRefAmp": 224.661,
  "dcmmeta_affine": [
    [-3.6979148387908936, -0.6194819211959839, -0.06025729328393936, 147.12310791015625],
    [-0.6212100386619568, 3.640308141708374, 0.6082838177680969, -87.0531005859375],
    [0.04499020054936409, -0.653375506401062, 3.44620943069458, 27.563526153564453],
    [0.0, 0.0, 0.0, 1.0]
],
  "dcmmeta_reorient_transform": [
    [0.0, -1.0, 0.0, 63.0],
    [1.0, 0.0, 0.0, 0.0],
    [0.0, 0.0, -1.0, 0.0],
    [0.0, 0.0, 0.0, 1.0]
],
  "dcmmeta_shape": [64, 64, 1, 2],
  "dcmmeta_slice_dim": 2,
  "dcmmeta_version": 0.6,
  "global": {
    "const": {
      "AccessionNumber": "phantom-1",
      "AcquisitionMatrix": [64, 0, 0, 64],
      "AngioFlag": "N",
      "BitsAllocated": 16,
      "BitsStored": 12,
      "BodyPartExamined": "BRAIN",
      "Columns": 64,
      "EchoNumbers": 1,
      "EchoTime": 35.0,
      "EchoTrainLength": 31,
      "FlipAngle": 90.0,
      "HighBit": 11,
      "ImageOrientationPatient": [0.9861106180337, 0.16565600415664, 0.01199738671746, -0.1651951742835, 0.97074881180747, 0.17423346052872],
      "ImagePositionPatient": [-108.09574974202, -142.28630872395, -13.599129319993],
      "ImageType": [
        "ORIGINAL",
        "PRIMARY",
        "M",
        "ND",
        "NORM",
        "MOCO"
],
      "ImagedNucleus": "1H",
      "ImagingFrequency": 123.252622,
      "InPlanePhaseEncodingDirection": "COL",
      "MRAcquisitionType": "2D",
      "MagneticFieldStrength": 3.0,
      "Manufacturer": "SIEMENS",
      "ManufacturerModelName": "Prisma",
      "Modality": "MR",
      "NumberOfAverages": 1.0,
      "NumberOfPhaseEncodingSteps": 63,
      "PercentPhaseFieldOfView": 100.0,
      "PercentSampling": 100.0,
      "PerformedProcedureStepStartTime": "092234.379000",
      "PhotometricInterpretation": "MONOCHROME2",
      "PixelBandwidth": 2300.0,
      "PixelRepresentation": 0,
      "PixelSpacing": [3.75, 3.75],
      "ProtocolName": "func_run+_task-audio_acq-moco-p2-3mm",
      "RepetitionTime": 2500.0,
      "Rows": 64,
      "SAR": 0.00126576639946,
      "SamplesPerPixel": 1,
      "ScanOptions": "FS",
      "ScanningSequence": "EP",
      "SequenceName": "*epfid2d1_64",
      "SequenceVariant": "SK",
      "SeriesDescription": "MoCoSeries",
      "SeriesNumber": 10,
      "SeriesTime": "092710.740000",
      "SliceLocation": 9.4775579285876,
      "SliceThickness": 3.5,
      "SmallestImagePixelValue": 0,
      "SoftwareVersions": "syngo MR E11",
      "SpecificCharacterSet": "ISO_IR 100",
      "StudyID": "1",
      "StudyTime": "092234.190000",
      "TransmitCoilName": "Body",
      "VariableFlipAngleFlag": "N",
      "WindowCenter": 1164.0,
      "WindowCenterWidthExplanation": "Algo1",
      "WindowWidth": 2421.0,
      "dBdt": 0.0},
    "slices": {}
  },
  "time": {
    "samples": {
      "AcquisitionNumber": [1, 2],
      "AcquisitionTime": ["092705.005000", "092707.505000"],
      "ContentTime": ["092710.743000", "092710.746000"],
      "InstanceCreationTime": ["092710.743000", "092710.746000"],
      "InstanceNumber": [1, 2],
      "LargestImagePixelValue": [2241, 2235]
    },
    "slices": {}
  }
}