{
  "AcquisitionMatrixPE": 64,
  "AcquisitionNumber": 1,
  "AcquisitionTime": "09:26:34.692500",
  "BaseResolution": 64,
  "BodyPartExamined": "BRAIN",
  "ConsistencyInfo": "N4_VE11C_LATEST_20160120",
  "ConversionSoftware": "dcm2niix",
  "ConversionSoftwareVersion": "v1.0.20190410  (JP2:OpenJPEG) GCC6.3.0",
  "DeviceSerialNumber": "66112",
  "DwellTime": 1.31e-05,
  "EchoNumber": 2,
  "EchoTime": 0.00738,
  "FlipAngle": 60,
  "ImageComments": "image_comment_1",
  "ImageOrientationPatientDICOM": [0.986111, 0.165656, 0.0119974, -0.165195, 0.970749, 0.174233],
  "ImageType": [
    "ORIGINAL",
    "PRIMARY",
    "P",
    "ND"
],
  "ImagingFrequency": 123.253,
  "InPlanePhaseEncodingDirectionDICOM": "ROW",
  "InstitutionAddress": "Maynard_3_Hanover_NH_US_03755",
  "InstitutionName": "Dartmouth_College_-_PBS",
  "InstitutionalDepartmentName": "Department",
  "MRAcquisitionType": "2D",
  "MagneticFieldStrength": 3,
  "Manufacturer": "Siemens",
  "ManufacturersModelName": "Prisma",
  "Modality": "MR",
  "PartialFourier": 1,
  "PatientPosition": "HFS",
  "PercentPhaseFOV": 100,
  "PhaseEncodingDirection": "i",
  "PhaseEncodingSteps": 64,
  "PhaseResolution": 1,
  "PixelBandwidth": 595,
  "ProcedureStepDescription": "Halchenko_Yarik_950_bids_test4",
  "ProtocolName": "fmap_acq-3mm",
  "PulseSequenceDetails": "%SiemensSeq%_gre_field_mapping",
  "ReceiveCoilActiveElements": "HEA;HEP",
  "ReceiveCoilName": "Head_32",
  "ReconMatrixPE": 64,
  "RepetitionTime": 0.0097,
  "SAR": 0.0325614,
  "ScanningSequence": "GR",
  "SequenceName": "_fm2d2r",
  "SequenceVariant": "SP",
  "SeriesDescription": "fmap_acq-3mm",
  "SeriesNumber": 6,
  "ShimSetting": [4152, -7684, -7519, 250, -23, -260, -37, 39],
  "SliceThickness": 3.5,
  "SoftwareVersions": "syngo_MR_E11",
  "StationName": "AWP66112",
  "TxRefAmp": 224.661,
  "dcmmeta_affine": [
    [-3.6979148387908936, -0.619482159614563, -0.06025733798742294, 147.1231231689453],
    [-0.6212102770805359, 3.640307903289795, 0.6082838177680969, -87.05308532714844],
    [0.04499020799994469, -0.653375506401062, 3.44620943069458, 27.563526153564453],
    [0.0, 0.0, 0.0, 1.0]
],
  "dcmmeta_reorient_transform": [
    [0.0, -1.0, 0.0, 63.0],
    [1.0, 0.0, 0.0, 0.0],
    [0.0, 0.0, -1.0, 0.0],
    [0.0, 0.0, 0.0, 1.0]
],
  "dcmmeta_shape": [64, 64, 1],
  "dcmmeta_slice_dim": 2,
  "dcmmeta_version": 0.6,
  "global": {
    "const": {
      "AccessionNumber": "phantom-1",
      "AcquisitionMatrix": [0, 64, 64, 0],
      "AcquisitionNumber": 1,
      "AcquisitionTime": "092634.692500",
      "AngioFlag": "N",
      "BitsAllocated": 16,
      "BitsStored": 12,
      "BodyPartExamined": "BRAIN",
      "Columns": 64,
      "ContentTime": "092636.693000",
      "EchoNumbers": 2,
      "EchoTime": 7.38,
      "EchoTrainLength": 0,
      "FlipAngle": 60.0,
      "HighBit": 11,
      "ImageOrientationPatient": [0.98611060518111, 0.16565608050508, 0.01199738892587, -0.165195249749, 0.97074879817142, 0.17423346495179],
      "ImagePositionPatient": [-108.09573914386, -142.28631624944, -13.59913011577],
      "ImageType": [
        "ORIGINAL",
        "PRIMARY",
        "P",
        "ND"
],
      "ImagedNucleus": "1H",
      "ImagingFrequency": 123.252622,
      "InPlanePhaseEncodingDirection": "ROW",
      "InstanceCreationTime": "092636.693000",
      "InstanceNumber": 1,
      "LargestImagePixelValue": 4086,
      "MRAcquisitionType": "2D",
      "MagneticFieldStrength": 3.0,
      "Manufacturer": "SIEMENS",
      "ManufacturerModelName": "Prisma",
      "Modality": "MR",
      "NumberOfAverages": 1.0,
      "NumberOfPhaseEncodingSteps": 64,
      "PercentPhaseFieldOfView": 100.0,
      "PercentSampling": 100.0,
      "PerformedProcedureStepStartTime": "092234.379000",
      "PhotometricInterpretation": "MONOCHROME2",
      "PixelBandwidth": 595.0,
      "PixelRepresentation": 0,
      "PixelSpacing": [3.75, 3.75],
      "ProtocolName": "fmap_acq-3mm",
      "RepetitionTime": 9.7,
      "RescaleIntercept": -4096.0,
      "RescaleSlope": 2.0,
      "RescaleType": "US",
      "Rows": 64,
      "SAR": 0.03256144182737,
      "SamplesPerPixel": 1,
      "ScanningSequence": "GR",
      "SequenceName": "*fm2d2r",
      "SequenceVariant": "SP",
      "SeriesDescription": "fmap_acq-3mm",
      "SeriesNumber": 6,
      "SeriesTime": "092636.688000",
      "SliceLocation": 9.4775578260232,
      "SliceThickness": 3.5,
      "SmallestImagePixelValue": 22,
      "SoftwareVersions": "syngo MR E11",
      "SpecificCharacterSet": "ISO_IR 100",
      "StudyID": "1",
      "StudyTime": "092234.190000",
      "TransmitCoilName": "Body",
      "VariableFlipAngleFlag": "N",
      "WindowCenter": -92.0,
      "WindowCenterWidthExplanation": "Algo1",
      "WindowWidth": 5460.0,
      "dBdt": 0.0},
    "slices": {}
  }
}