{
  "AcquisitionMatrixPE": 76,
  "AcquisitionNumber": 1,
  "AcquisitionTime": "09:28:4.637500",
  "BandwidthPerPixelPhaseEncode": 46.168,
  "BaseResolution": 76,
  "BodyPartExamined": "BRAIN",
  "ConsistencyInfo": "N4_VE11C_LATEST_20160120",
  "ConversionSoftware": "dcm2niix",
  "ConversionSoftwareVersion": "v1.0.20190410  (JP2:OpenJPEG) GCC6.3.0",
  "DerivedVendorReportedEchoSpacing": 0.000570001,
  "DeviceSerialNumber": "66112",
  "DiffusionScheme": "Bipolar",
  "DwellTime": 3.2e-06,
  "EchoTime": 0.075,
  "EchoTrainLength": 38,
  "EffectiveEchoSpacing": 0.000285,
  "FlipAngle": 90,
  "ImageOrientationPatientDICOM": [0.986111, 0.165656, 0.0119974, -0.165195, 0.970749, 0.174233],
  "ImageType": [
    "ORIGINAL",
    "PRIMARY",
    "DIFFUSION",
    "NONE",
    "ND",
    "NORM"
],
  "ImagingFrequency": 123.253,
  "InPlanePhaseEncodingDirectionDICOM": "COL",
  "InstitutionAddress": "Maynard_3_Hanover_NH_US_03755",
  "InstitutionName": "Dartmouth_College_-_PBS",
  "InstitutionalDepartmentName": "Department",
  "MRAcquisitionType": "2D",
  "MagneticFieldStrength": 3,
  "Manufacturer": "Siemens",
  "ManufacturersModelName": "Prisma",
  "Modality": "MR",
  "ParallelReductionFactorInPlane": 2,
  "PartialFourier": 1,
  "PatientPosition": "HFS",
  "PercentPhaseFOV": 100,
  "PhaseEncodingDirection": "j-",
  "PhaseEncodingSteps": 76,
  "PhaseResolution": 1,
  "PixelBandwidth": 2055,
  "ProcedureStepDescription": "Halchenko_Yarik_950_bids_test4",
  "ProtocolName": "dwi_acq-hardi64-x6",
  "PulseSequenceDetails": "%SiemensSeq%_ep2d_diff",
  "ReceiveCoilActiveElements": "HEA;HEP",
  "ReceiveCoilName": "Head_32",
  "ReconMatrixPE": 76,
  "RefLinesPE": 38,
  "RepetitionTime": 6.3,
  "SAR": 0.00262868,
  "ScanOptions": "FS",
  "ScanningSequence": "EP",
  "SequenceName": "_ep_b0",
  "SequenceVariant": "SK_SP",
  "SeriesDescription": "dwi_acq-hardi64-x6",
  "SeriesNumber": 15,
  "ShimSetting": [4152, -7684, -7519, 250, -23, -260, -37, 39],
  "SliceThickness": 2,
  "SoftwareVersions": "syngo_MR_E11",
  "StationName": "AWP66112",
  "TotalReadoutTime": 0.021375,
  "TxRefAmp": 224.661,
  "dcmmeta_affine": [
    [-3.1140336990356445, -0.5216689705848694, -0.03443273901939392, 147.22093200683594],
    [-0.5231242179870605, 3.0655226707458496, 0.34759074449539185, -87.62788391113281],
    [0.03788648545742035, -0.5502109527587891, 1.9692625999450684, 27.666690826416016],
    [0.0, 0.0, 0.0, 1.0]
],
  "dcmmeta_reorient_transform": [
    [0.0, -1.0, 0.0, 75.0],
    [1.0, 0.0, 0.0, 0.0],
    [0.0, 0.0, -1.0, 0.0],
    [0.0, 0.0, 0.0, 1.0]
],
  "dcmmeta_shape": [76, 76, 1, 5],
  "dcmmeta_slice_dim": 2,
  "dcmmeta_version": 0.6,
  "global": {
    "const": {
      "AccessionNumber": "phantom-1",
      "AcquisitionMatrix": [76, 0, 0, 76],
      "AngioFlag": "N",
      "BitsAllocated": 16,
      "BitsStored": 12,
      "BodyPartExamined": "BRAIN",
      "Columns": 76,
      "EchoNumbers": 1,
      "EchoTime": 75.0,
      "EchoTrainLength": 38,
      "FlipAngle": 90.0,
      "HighBit": 11,
      "ImageOrientationPatient": [0.9861106180337, 0.16565600415664, 0.01199738671746, -0.1651951742835, 0.97074881180747, 0.17423346052872],
      "ImagePositionPatient": [-108.09575326501, -142.28631360087, -13.599130119209],
      "ImageType": [
        "ORIGINAL",
        "PRIMARY",
        "DIFFUSION",
        "NONE",
        "ND",
        "NORM"
],
      "ImagedNucleus": "1H",
      "ImagingFrequency": 123.252622,
      "InPlanePhaseEncodingDirection": "COL",
      "MRAcquisitionType": "2D",
      "MagneticFieldStrength": 3.0,
      "Manufacturer": "SIEMENS",
      "ManufacturerModelName": "Prisma",
      "Modality": "MR",
      "NumberOfAverages": 1.0,
      "NumberOfPhaseEncodingSteps": 76,
      "PercentPhaseFieldOfView": 100.0,
      "PercentSampling": 100.0,
      "PerformedProcedureStepStartTime": "092234.379000",
      "PhotometricInterpretation": "MONOCHROME2",
      "PixelBandwidth": 2055.0,
      "PixelRepresentation": 0,
      "PixelSpacing": [3.1578948497772, 3.1578948497772],
      "ProtocolName": "dwi_acq-hardi64-x6",
      "RepetitionTime": 6300.0,
      "Rows": 76,
      "SAR": 0.00262867894804,
      "SamplesPerPixel": 1,
      "ScanOptions": "FS",
      "ScanningSequence": "EP",
      "SequenceName": "*ep_b0",
      "SequenceVariant": [
        "SK",
        "SP"
],
      "SeriesDescription": "dwi_acq-hardi64-x6",
      "SeriesNumber": 15,
      "SeriesTime": "092836.956000",
      "SliceLocation": 9.4775579285876,
      "SliceThickness": 2.0,
      "SmallestImagePixelValue": 0,
      "SoftwareVersions": "syngo MR E11",
      "SpecificCharacterSet": "ISO_IR 100",
      "StudyID": "1",
      "StudyTime": "092234.190000",
      "TransmitCoilName": "Body",
      "VariableFlipAngleFlag": "N",
      "WindowCenterWidthExplanation": "Algo1",
      "dBdt": 0.0},
    "slices": {}
  },
  "time": {
    "samples": {
      "AcquisitionNumber": [1, 2, 3, 4, 5],
      "AcquisitionTime": ["092804.637500", "092810.937500", "092817.237500", "092823.537500", "092829.837500"],
      "ContentTime": ["092836.960000", "092836.963000", "092836.965000", "092836.976000", "092836.978000"],
      "InstanceCreationTime": ["092836.960000", "092836.963000", "092836.965000", "092836.976000", "092836.978000"],
      "InstanceNumber": [1, 2, 3, 4, 5],
      "LargestImagePixelValue": [1752, 1748, 1743, 1748, 1730],
      "WindowCenter": [992.0, 998.0, 1009.0, 998.0, 1003.0],
      "WindowWidth": [2015.0, 2016.0, 2020.0, 2015.0, 2019.0]
    },
    "slices": {}
  }
}